PATH
  remote: .
  specs:
    foodie (0.0.1)
      activesupport
      thor

GEM
  remote: http://rubygems.org/
  specs:
    activesupport (3.0.0)
    aruba (0.2.3)
      background_process
      cucumber (~> 0.9.0)
    background_process (1.2)
    builder (2.1.2)
    cucumber (0.9.1)
      builder (~> 2.1.2)
      diff-lcs (~> 1.1.2)
      gherkin (~> 2.2.5)
      json (~> 1.4.6)
      term-ansicolor (~> 1.0.5)
    diff-lcs (1.1.2)
    gherkin (2.2.5)
      json (~> 1.4.6)
      term-ansicolor (~> 1.0.5)
      trollop (~> 1.16.2)
    json (1.4.6)
    rspec (2.0.0.beta.22)
      rspec-core (= 2.0.0.beta.22)
      rspec-expectations (= 2.0.0.beta.22)
      rspec-mocks (= 2.0.0.beta.22)
    rspec-core (2.0.0.beta.22)
    rspec-expectations (2.0.0.beta.22)
      diff-lcs (>= 1.1.2)
    rspec-mocks (2.0.0.beta.22)
      rspec-core (= 2.0.0.beta.22)
      rspec-expectations (= 2.0.0.beta.22)
    term-ansicolor (1.0.5)
    thor (0.14.2)
    trollop (1.16.2)

PLATFORMS
  ruby

DEPENDENCIES
  activesupport
  aruba
  bundler (>= 1.0.0)
  cucumber
  foodie!
  rspec (~> 2.0.0.beta.22)
  thor
