PATH
  remote: ~/Sites/side_projects/muse
  specs:
    muse (0.0.1)
      nokogiri
      redcarpet
      rspec
      thor

GEM
  specs:
    diff-lcs (1.1.2)
    nokogiri (1.5.0)
    redcarpet (1.17.2)
    rspec (2.6.0)
      rspec-core (~> 2.6.0)
      rspec-expectations (~> 2.6.0)
      rspec-mocks (~> 2.6.0)
    rspec-core (2.6.4)
    rspec-expectations (2.6.0)
      diff-lcs (~> 1.1.2)
    rspec-mocks (2.6.0)
    thor (0.14.6)

PLATFORMS
  ruby

DEPENDENCIES
  muse!
